GEM
  remote: http://rubygems.org/
  specs:
    ParseTree (3.0.7)
      RubyInline (>= 3.7.0)
      sexp_processor (>= 3.0.0)
    RubyInline (3.10.1)
      ZenTest (~> 4.3)
    ZenTest (4.6.2)
    diff-lcs (1.1.3)
    erector (0.8.3)
      rake
      rake
      treetop
      treetop (>= 1.2.3)
    fakeweb (1.3.0)
    file-tail (1.0.6)
      spruz (~> 0.2)
    polyglot (0.3.2)
    predicated (0.2.6)
    rack (1.3.3)
    rake (0.9.2)
    rdiscount (1.6.8)
    rerun (0.6.2)
    rspec (2.6.0)
      rspec-core (~> 2.6.0)
      rspec-expectations (~> 2.6.0)
      rspec-mocks (~> 2.6.0)
    rspec-core (2.6.4)
    rspec-expectations (2.6.0)
      diff-lcs (~> 1.1.2)
    rspec-mocks (2.6.0)
    ruby2ruby (1.3.0)
      ruby_parser (~> 2.0)
      sexp_processor (~> 3.0)
    ruby_parser (2.0.6)
      sexp_processor (~> 3.0)
    sass (3.2.0.alpha.21)
    sexp_processor (3.0.6)
    sinatra (1.2.6)
      rack (~> 1.1)
      tilt (< 2.0, >= 1.2.2)
    sourcify (0.5.0)
      file-tail (>= 1.0.5)
      ruby2ruby (>= 1.2.5)
      ruby_parser (>= 2.0.5)
      sexp_processor (>= 3.0.5)
    spruz (0.2.13)
    tilt (1.3.3)
    treetop (1.4.10)
      polyglot
      polyglot (>= 0.3.1)
    wrong (0.5.6)
      ParseTree (~> 3.0)
      diff-lcs (~> 1.1.2)
      file-tail (~> 1.0)
      predicated (>= 0.2.3)
      ruby2ruby (~> 1.2)
      ruby_parser (~> 2.0.4)
      sexp_processor (~> 3.0)
      sourcify (>= 0.3.0)

PLATFORMS
  ruby

DEPENDENCIES
  erector
  fakeweb
  rdiscount
  rerun
  rspec (~> 2)
  sass (~> 3.2.0.alpha.7)
  sinatra
  treetop
  wrong
