GEM
  remote: http://rubygems.org/
  specs:
    erector (0.8.1)
      hoe (>= 1.5.0)
    hoe (2.6.1)
      rake (>= 0.8.7)
      rubyforge (>= 2.0.4)
    json_pure (1.4.5)
    rack (1.2.1)
    rake (0.8.7)
    rspec (1.3.0)
    rubyforge (2.0.4)
      json_pure (>= 1.1.7)
    sinatra (1.0)
      rack (>= 1.0)

PLATFORMS
  ruby

DEPENDENCIES
  erector
  rspec
  sinatra
