GEM
  remote: http://rubygems.org/
  specs:
    ParseTree (3.0.8)
      RubyInline (>= 3.7.0)
      sexp_processor (>= 3.0.0)
    RubyInline (3.11.2)
      ZenTest (~> 4.3)
    ZenTest (4.7.0)
    diff-lcs (1.1.3)
    erector (0.8.3)
      rake
      rake
      treetop
      treetop (>= 1.2.3)
    fakefs (0.4.0)
    fakeweb (1.3.0)
    file-tail (1.0.8)
      tins (~> 0.3)
    polyglot (0.3.3)
    predicated (0.2.6)
    rack (1.3.5)
    rack-protection (1.1.4)
      rack
    rake (0.9.2.2)
    rdiscount (1.6.8)
    rerun (0.6.3)
    rspec (2.7.0)
      rspec-core (~> 2.7.0)
      rspec-expectations (~> 2.7.0)
      rspec-mocks (~> 2.7.0)
    rspec-core (2.7.1)
    rspec-expectations (2.7.0)
      diff-lcs (~> 1.1.2)
    rspec-mocks (2.7.0)
    ruby2ruby (1.3.1)
      ruby_parser (~> 2.0)
      sexp_processor (~> 3.0)
    ruby_parser (2.0.6)
      sexp_processor (~> 3.0)
    sass (3.2.0.alpha.35)
    sexp_processor (3.1.0)
    sinatra (1.3.1)
      rack (~> 1.3, >= 1.3.4)
      rack-protection (~> 1.1, >= 1.1.2)
      tilt (~> 1.3, >= 1.3.3)
    sourcify (0.5.0)
      file-tail (>= 1.0.5)
      ruby2ruby (>= 1.2.5)
      ruby_parser (>= 2.0.5)
      sexp_processor (>= 3.0.5)
    tilt (1.3.3)
    tins (0.3.12)
    treetop (1.4.10)
      polyglot
      polyglot (>= 0.3.1)
    wrong (0.6.2)
      ParseTree (~> 3.0)
      diff-lcs (~> 1.1.2)
      file-tail (~> 1.0)
      predicated (>= 0.2.3)
      ruby2ruby (~> 1.2)
      ruby_parser (~> 2.0.4)
      sexp_processor (~> 3.0)
      sourcify (>= 0.3.0)

PLATFORMS
  ruby

DEPENDENCIES
  erector
  fakefs
  fakeweb
  rdiscount
  rerun
  rspec (~> 2)
  sass (~> 3.2.0.alpha.7)
  sinatra
  treetop
  wrong (>= 0.6.2)
