GEM
  remote: http://rubygems.org/
  specs:
    ParseTree (3.0.6)
      RubyInline (>= 3.7.0)
      sexp_processor (>= 3.0.0)
    RubyInline (3.8.6)
      ZenTest (~> 4.3)
    ZenTest (4.4.0)
    diff-lcs (1.1.2)
    erector (0.8.1)
      hoe (>= 1.5.0)
    fakeweb (1.3.0)
    file-tail (1.0.5)
      spruz (>= 0.1.0)
    hoe (2.6.1)
      rake (>= 0.8.7)
      rubyforge (>= 2.0.4)
    json_pure (1.4.5)
    polyglot (0.3.1)
    predicated (0.2.2)
    rack (1.2.1)
    rake (0.8.7)
    rdiscount (1.6.5)
    rspec (2.0.1)
      rspec-core (~> 2.0.1)
      rspec-expectations (~> 2.0.1)
      rspec-mocks (~> 2.0.1)
    rspec-core (2.0.1)
    rspec-expectations (2.0.1)
      diff-lcs (>= 1.1.2)
    rspec-mocks (2.0.1)
      rspec-core (~> 2.0.1)
      rspec-expectations (~> 2.0.1)
    ruby2ruby (1.2.5)
      ruby_parser (~> 2.0)
      sexp_processor (~> 3.0)
    ruby_parser (2.0.5)
      sexp_processor (~> 3.0)
    rubyforge (2.0.4)
      json_pure (>= 1.1.7)
    sexp_processor (3.0.5)
    sinatra (1.0)
      rack (>= 1.0)
    sourcify (0.4.0)
      ruby2ruby (>= 1.2.5)
      sexp_processor (>= 3.0.5)
    spruz (0.2.1)
    treetop (1.4.8)
      polyglot (>= 0.3.1)
    wrong (0.4.3)
      ParseTree (~> 3.0)
      diff-lcs (~> 1.1.2)
      file-tail (~> 1.0)
      predicated (>= 0.2.2)
      ruby2ruby (~> 1.2)
      ruby_parser (~> 2.0.4)
      sexp_processor (~> 3.0)
      sourcify (>= 0.3.0)

PLATFORMS
  ruby

DEPENDENCIES
  erector
  fakeweb
  rdiscount
  rspec (~> 2)
  sinatra
  treetop
  wrong
